GEM
  remote: http://rubygems.org/
  specs:
    bson (1.5.2)
    bson_ext (1.5.2)
      bson (= 1.5.2)
    diff-lcs (1.1.3)
    liquid (2.3.0)
    mongo (1.5.2)
      bson (= 1.5.2)
    mongodb (2.1.0)
      mongo (~> 1.5)
    rack (1.4.1)
    rack-protection (1.2.0)
      rack
    rack-test (0.6.1)
      rack (>= 1.0)
    rake (0.9.2.2)
    rspec (2.8.0)
      rspec-core (~> 2.8.0)
      rspec-expectations (~> 2.8.0)
      rspec-mocks (~> 2.8.0)
    rspec-core (2.8.0)
    rspec-expectations (2.8.0)
      diff-lcs (~> 1.1.2)
    rspec-mocks (2.8.0)
    sinatra (1.3.2)
      rack (~> 1.3, >= 1.3.6)
      rack-protection (~> 1.2)
      tilt (~> 1.3, >= 1.3.3)
    tilt (1.3.3)

PLATFORMS
  ruby

DEPENDENCIES
  bson_ext
  liquid
  mongodb
  rack-test
  rake
  rspec
  sinatra
